GEM
  remote: http://rubygems.org/
  specs:
    guard (1.4.0)
      listen (>= 0.4.2)
      thor (>= 0.14.6)
    guard-shell (0.5.1)
      guard (>= 1.1.0)
    listen (0.5.3)
    rb-fsevent (0.9.2)
    terminal-notifier-guard (1.5.3)
    thor (0.16.0)

PLATFORMS
  ruby

DEPENDENCIES
  guard-shell
  rb-fsevent
  terminal-notifier-guard
